PATH
  remote: .
  specs:
    racky_dacks (0.1.0)
      roda
      staccato
      sucker_punch

GEM
  remote: https://rubygems.org/
  specs:
    byebug (9.0.6)
    concurrent-ruby (1.0.4)
    diff-lcs (1.3)
    rack (2.0.1)
    rake (10.5.0)
    roda (2.22.0)
      rack
    rspec (3.5.0)
      rspec-core (~> 3.5.0)
      rspec-expectations (~> 3.5.0)
      rspec-mocks (~> 3.5.0)
    rspec-core (3.5.4)
      rspec-support (~> 3.5.0)
    rspec-expectations (3.5.0)
      diff-lcs (>= 1.2.0, < 2.0)
      rspec-support (~> 3.5.0)
    rspec-mocks (3.5.0)
      diff-lcs (>= 1.2.0, < 2.0)
      rspec-support (~> 3.5.0)
    rspec-support (3.5.0)
    staccato (0.5.1)
    sucker_punch (2.0.2)
      concurrent-ruby (~> 1.0.0)

PLATFORMS
  ruby

DEPENDENCIES
  bundler (~> 1.14)
  byebug
  racky_dacks!
  rake (~> 10.0)
  rspec (~> 3.0)

BUNDLED WITH
   1.14.3
